GEM
  specs:
    ast (1.1.0)
    backports (3.3.3)
    parser (2.0.0.pre7)
      ast (~> 1.1)
      slop (~> 3.4, >= 3.4.5)
    powerpack (0.0.8)
    rainbow (1.1.4)
    rubocop (0.13.0)
      backports (~> 3.3.3)
      parser (~> 2.0.0.pre6)
      powerpack (~> 0.0.6)
      rainbow (>= 1.1.4)
    slop (3.4.6)

PLATFORMS
  ruby

DEPENDENCIES
  rubocop
